GEM
  remote: https://rubygems.org/
  specs:
    ast (2.4.2)
    debug (1.8.0)
      irb (>= 1.5.0)
      reline (>= 0.3.1)
    diff-lcs (1.5.0)
    google-protobuf (3.23.2-arm64-darwin)
    io-console (0.6.0)
    irb (1.7.0)
      reline (>= 0.3.0)
    netrc (0.11.0)
    parallel (1.23.0)
    parser (3.2.2.3)
      ast (~> 2.4.1)
      racc
    racc (1.7.0)
    rbi (0.0.16)
      ast
      parser (>= 2.6.4.0)
      sorbet-runtime (>= 0.5.9204)
      unparser
    reline (0.3.5)
      io-console (~> 0.5)
    sorbet (0.5.10876)
      sorbet-static (= 0.5.10876)
    sorbet-runtime (0.5.10876)
    sorbet-static (0.5.10876-universal-darwin-22)
    sorbet-static-and-runtime (0.5.10876)
      sorbet (= 0.5.10876)
      sorbet-runtime (= 0.5.10876)
    spoom (1.2.1)
      sorbet (>= 0.5.10187)
      sorbet-runtime (>= 0.5.9204)
      thor (>= 0.19.2)
    tapioca (0.11.6)
      bundler (>= 2.2.25)
      netrc (>= 0.11.0)
      parallel (>= 1.21.0)
      rbi (~> 0.0.0, >= 0.0.16)
      sorbet-static-and-runtime (>= 0.5.10187)
      spoom (~> 1.2.0, >= 1.2.0)
      thor (>= 1.2.0)
      yard-sorbet
    thor (1.2.2)
    unparser (0.6.7)
      diff-lcs (~> 1.3)
      parser (>= 3.2.0)
    yard (0.9.34)
    yard-sorbet (0.8.1)
      sorbet-runtime (>= 0.5)
      yard (>= 0.9)

PLATFORMS
  arm64-darwin-22

DEPENDENCIES
  debug (~> 1.7)
  google-protobuf (~> 3.23, >= 3.23.2)
  sorbet
  sorbet-runtime
  tapioca

RUBY VERSION
   ruby 3.2.2p53

BUNDLED WITH
   2.4.10
